PATH
  remote: .
  specs:
    riemann-dash (0.2.13)
      erubis (>= 2.7.0)
      multi_json (= 1.3.6)
      sass (>= 3.1.14)
      sinatra (~> 1.4.5)
      webrick (~> 1.3.1)

GEM
  remote: https://rubygems.org/
  specs:
    coderay (1.0.9)
    erubis (2.7.0)
    method_source (0.8.1)
    multi_json (1.3.6)
    pry (0.9.12)
      coderay (~> 1.0.5)
      method_source (~> 0.8)
      slop (~> 3.4)
    rack (1.6.4)
    rack-protection (1.5.3)
      rack
    sass (3.4.22)
    sinatra (1.4.7)
      rack (~> 1.5)
      rack-protection (~> 1.4)
      tilt (>= 1.3, < 3)
    slop (3.4.3)
    tilt (2.0.5)
    webrick (1.3.1)

PLATFORMS
  ruby

DEPENDENCIES
  pry
  riemann-dash!

BUNDLED WITH
   1.10.6
